GEM
  remote: http://rubygems.org/
  specs:
    RedCloth (4.2.7)
    abstract (1.0.0)
    actionmailer (3.0.9)
      actionpack (= 3.0.9)
      mail (~> 2.2.19)
    actionpack (3.0.9)
      activemodel (= 3.0.9)
      activesupport (= 3.0.9)
      builder (~> 2.1.2)
      erubis (~> 2.6.6)
      i18n (~> 0.5.0)
      rack (~> 1.2.1)
      rack-mount (~> 0.6.14)
      rack-test (~> 0.5.7)
      tzinfo (~> 0.3.23)
    activemodel (3.0.9)
      activesupport (= 3.0.9)
      builder (~> 2.1.2)
      i18n (~> 0.5.0)
    activerecord (3.0.9)
      activemodel (= 3.0.9)
      activesupport (= 3.0.9)
      arel (~> 2.0.10)
      tzinfo (~> 0.3.23)
    activeresource (3.0.9)
      activemodel (= 3.0.9)
      activesupport (= 3.0.9)
    activesupport (3.0.9)
    addressable (2.2.4)
    arel (2.0.10)
    babosa (0.3.5)
    bcrypt-ruby (2.1.4)
    builder (2.1.2)
    devise (1.4.2)
      bcrypt-ruby (~> 2.1.2)
      orm_adapter (~> 0.0.3)
      warden (~> 1.0.3)
    erubis (2.6.6)
      abstract (>= 1.0.0)
    friendly_id (3.2.1.1)
      babosa (~> 0.3.0)
    haml (3.1.2)
    has_scope (0.5.0)
    i18n (0.5.0)
    i18n_routing (0.4.8)
      i18n (> 0.3.5)
    inherited_resources (1.2.2)
      has_scope (~> 0.5.0)
      responders (~> 0.6.0)
    jquery-rails (1.0.12)
      railties (~> 3.0)
      thor (~> 0.14)
    mail (2.2.19)
      activesupport (>= 2.3.6)
      i18n (>= 0.4.0)
      mime-types (~> 1.16)
      treetop (~> 1.4.8)
    mime-types (1.16)
    mysql2 (0.2.11)
    net-ldap (0.2.2)
    nokogiri (1.4.7)
    oa-core (0.2.6)
    oa-enterprise (0.2.6)
      addressable (= 2.2.4)
      net-ldap (~> 0.2.2)
      nokogiri (~> 1.4.2)
      oa-core (= 0.2.6)
      pyu-ruby-sasl (~> 0.0.3.1)
      rubyntlm (~> 0.1.1)
    orm_adapter (0.0.5)
    polyglot (0.3.1)
    pyu-ruby-sasl (0.0.3.3)
    rack (1.2.3)
    rack-mount (0.6.14)
      rack (>= 1.0.0)
    rack-test (0.5.7)
      rack (>= 1.0)
    rails (3.0.9)
      actionmailer (= 3.0.9)
      actionpack (= 3.0.9)
      activerecord (= 3.0.9)
      activeresource (= 3.0.9)
      activesupport (= 3.0.9)
      bundler (~> 1.0)
      railties (= 3.0.9)
    railties (3.0.9)
      actionpack (= 3.0.9)
      activesupport (= 3.0.9)
      rake (>= 0.8.7)
      rdoc (~> 3.4)
      thor (~> 0.14.4)
    rake (0.9.2)
    rdoc (3.7)
    responders (0.6.4)
    rubyntlm (0.1.1)
    sass (3.1.4)
    simple-navigation (3.3.4)
      activesupport (>= 2.3.2)
    simple_form (1.4.2)
      actionpack (~> 3.0)
      activemodel (~> 3.0)
    thor (0.14.6)
    treetop (1.4.9)
      polyglot (>= 0.3.1)
    tzinfo (0.3.29)
    warden (1.0.4)
      rack (>= 1.0)

PLATFORMS
  ruby

DEPENDENCIES
  RedCloth
  devise
  friendly_id
  haml
  has_scope
  i18n_routing
  inherited_resources
  jquery-rails
  mysql2 (~> 0.2.6)
  net-ldap
  oa-enterprise (~> 0.2.0)
  rails (= 3.0.9)
  sass
  simple-navigation
  simple_form
